GEM
  remote: https://rubygems.org/
  specs:
    minitest (5.25.4)
    rake (13.3.0)

PLATFORMS
  ruby

DEPENDENCIES
  minitest (~> 5.0)
  rake

BUNDLED WITH
   1.17.2
